PATH
  remote: .
  specs:
    seaweedfs (0.1.0)
      faraday (~> 2.7)
      faraday-multipart (~> 1.0)
      mimemagic (~> 0.4.3)

GEM
  remote: https://rubygems.org/
  specs:
    diff-lcs (1.5.0)
    faraday (2.7.10)
      faraday-net_http (>= 2.0, < 3.1)
      ruby2_keywords (>= 0.0.4)
    faraday-multipart (1.0.4)
      multipart-post (~> 2)
    faraday-net_http (3.0.2)
    mimemagic (0.4.3)
      nokogiri (~> 1)
      rake
    mini_portile2 (2.8.4)
    multipart-post (2.3.0)
    nokogiri (1.15.3)
      mini_portile2 (~> 2.8.2)
      racc (~> 1.4)
    racc (1.7.1)
    rake (13.0.6)
    rspec (3.12.0)
      rspec-core (~> 3.12.0)
      rspec-expectations (~> 3.12.0)
      rspec-mocks (~> 3.12.0)
    rspec-core (3.12.2)
      rspec-support (~> 3.12.0)
    rspec-expectations (3.12.3)
      diff-lcs (>= 1.2.0, < 2.0)
      rspec-support (~> 3.12.0)
    rspec-mocks (3.12.6)
      diff-lcs (>= 1.2.0, < 2.0)
      rspec-support (~> 3.12.0)
    rspec-support (3.12.1)
    ruby2_keywords (0.0.5)

PLATFORMS
  ruby

DEPENDENCIES
  rake
  rspec
  seaweedfs!

BUNDLED WITH
   2.4.5
